GEM
  remote: https://rubygems.org/
  specs:
    motion-gradle (2.1.0)
    newclear (1.3)
      reset-sim
    rake (11.2.2)
    reset-sim (1.1.1)

PLATFORMS
  ruby

DEPENDENCIES
  motion-gradle
  newclear
  rake

BUNDLED WITH
   1.11.2
