GIT
  remote: git://github.com/soyoh/motion-android-volley.git
  revision: 750c60d242974edbcae695c3a3cb7037c5368b45
  branch: master
  specs:
    motion-android-volley (0.0.3)

GEM
  remote: https://rubygems.org/
  specs:
    motion-gradle (2.1.0)
    newclear (1.3)
      reset-sim
    rake (11.2.2)
    reset-sim (1.1.1)

PLATFORMS
  ruby

DEPENDENCIES
  motion-android-volley!
  motion-gradle
  newclear
  rake

BUNDLED WITH
   1.11.2
